GEM
  remote: http://rubygems.org/
  specs:
    coderay (1.0.8)
    haml (3.1.7)
    hpricot (0.8.6)
    kramdown (0.14.0)
    method_source (0.8.1)
    pry (0.9.10)
      coderay (~> 1.0.5)
      method_source (~> 0.8)
      slop (~> 3.3.1)
    rake (0.9.2.2)
    slop (3.3.3)
    tilt (1.3.3)

PLATFORMS
  ruby

DEPENDENCIES
  haml
  hpricot
  kramdown
  pry
  rake
  tilt
