GEM
  remote: http://rubygems.org/
  specs:
    haml (3.1.7)
    hpricot (0.8.6)
    kramdown (0.14.0)
    rake (0.9.2.2)
    tilt (1.3.3)

PLATFORMS
  ruby

DEPENDENCIES
  haml
  hpricot
  kramdown
  rake
  tilt
